GEM
  remote: https://rubygems.org/
  specs:
    dotenv (2.0.1)
    faraday (0.9.1)
      multipart-post (>= 1.2, < 3)
    multipart-post (2.0.0)
    puma (2.11.3)
      rack (>= 1.1, < 2.0)
    rack (1.6.1)
    rack-protection (1.5.3)
      rack
    sinatra (1.4.6)
      rack (~> 1.4)
      rack-protection (~> 1.4)
      tilt (>= 1.3, < 3)
    slim (3.0.1)
      temple (~> 0.7.3)
      tilt (>= 1.3.3, < 2.1)
    temple (0.7.4)
    tilt (2.0.1)

PLATFORMS
  ruby

DEPENDENCIES
  dotenv
  faraday
  puma
  sinatra
  slim

BUNDLED WITH
   1.10.4
